GEM
  specs:
    nexmo (3.1.0)

PLATFORMS
  ruby

DEPENDENCIES
  nexmo

BUNDLED WITH
   1.11.2
